NUGET
  remote: https://nuget.org/api/v2
  specs:
    FSharp.Charting (0.90.12)
    FSharp.Core (3.1.2.1)
    FSharp.Data (2.2.5)
      Zlib.Portable (>= 1.10.0) - framework: portable-net40+sl50+wp80+win80
    FsPickler (1.2.14)
    Suave (0.30.0)
      FSharp.Core (>= 3.1.2.1)
      FsPickler (>= 1.2.5)
    Zlib.Portable (1.11.0)
